PATH
  remote: .
  specs:
    kaltura_fu (1.0.0.beta1)
      velir_kaltura-ruby (~> 0.4)

GEM
  remote: http://rubygems.org/
  specs:
    activemodel (3.0.9)
      activesupport (= 3.0.9)
      builder (~> 2.1.2)
      i18n (~> 0.5.0)
    activeresource (3.0.9)
      activemodel (= 3.0.9)
      activesupport (= 3.0.9)
    activesupport (3.0.9)
    builder (2.1.2)
    diff-lcs (1.1.2)
    i18n (0.5.0)
    json (1.5.3)
    mime-types (1.16)
    rest-client (1.6.3)
      mime-types (>= 1.16)
    rspec (2.6.0)
      rspec-core (~> 2.6.0)
      rspec-expectations (~> 2.6.0)
      rspec-mocks (~> 2.6.0)
    rspec-core (2.6.4)
    rspec-expectations (2.6.0)
      diff-lcs (~> 1.1.2)
    rspec-mocks (2.6.0)
    velir_kaltura-ruby (0.4.10)
      activeresource (>= 2.3.8)
      activesupport (>= 2.3.8)
      json
      rest-client (>= 1.5.1)

PLATFORMS
  ruby

DEPENDENCIES
  activesupport (~> 3.0)
  kaltura_fu!
  rspec (~> 2.6.0)
